GEM
  remote: https://rubygems.org/
  specs:
    addressable (2.7.0)
      public_suffix (>= 2.0.2, < 5.0)
    colored (1.2)
    commander (4.4.7)
      highline (~> 2.0.0)
    daemons (1.3.1)
    eventmachine (1.2.7)
    faraday (0.17.1)
      multipart-post (>= 1.2, < 3)
    highline (2.0.3)
    multipart-post (2.1.1)
    mustermann (1.1.1)
      ruby2_keywords (~> 0.0.1)
    octokit (4.14.0)
      sawyer (~> 0.8.0, >= 0.5.3)
    public_suffix (4.0.1)
    rack (2.2.3)
    rack-protection (2.2.0)
      rack
    ruby2_keywords (0.0.5)
    sawyer (0.8.2)
      addressable (>= 2.3.5)
      faraday (> 0.8, < 2.0)
    sinatra (2.2.0)
      mustermann (~> 1.0)
      rack (~> 2.2)
      rack-protection (= 2.2.0)
      tilt (~> 2.0)
    thin (1.7.2)
      daemons (~> 1.0, >= 1.0.9)
      eventmachine (~> 1.0, >= 1.0.4)
      rack (>= 1, < 3)
    tilt (2.0.10)

PLATFORMS
  ruby

DEPENDENCIES
  colored
  commander
  octokit
  sinatra
  thin

BUNDLED WITH
   1.17.3
